GEM
  remote: https://rubygems.org/
  specs:
    activesupport (7.2.1.2)
      base64
      bigdecimal
      concurrent-ruby (~> 1.0, >= 1.3.1)
      connection_pool (>= 2.2.5)
      drb
      i18n (>= 1.6, < 2)
      logger (>= 1.4.2)
      minitest (>= 5.1)
      securerandom (>= 0.3)
      tzinfo (~> 2.0, >= 2.0.5)
    base64 (0.2.0)
    bigdecimal (3.1.8)
    concurrent-ruby (1.3.4)
    connection_pool (2.4.1)
    debug (1.9.2)
      irb (~> 1.10)
      reline (>= 0.3.8)
    drb (2.2.1)
    i18n (1.14.6)
      concurrent-ruby (~> 1.0)
    io-console (0.7.2)
    irb (1.14.1)
      rdoc (>= 4.0.0)
      reline (>= 0.4.2)
    logger (1.6.1)
    minitest (5.25.1)
    psych (5.1.2)
      stringio
    rdoc (6.7.0)
      psych (>= 4.0.0)
    reline (0.5.10)
      io-console (~> 0.5)
    securerandom (0.3.1)
    stringio (3.1.1)
    tzinfo (2.0.6)
      concurrent-ruby (~> 1.0)

PLATFORMS
  ruby
  x86_64-linux

DEPENDENCIES
  activesupport (~> 7.2.1)
  debug (~> 1.9.2)

BUNDLED WITH
   2.5.16
